GEM
  remote: http://rubygems.org/
  specs:
    RedCloth (4.2.9)
    actionmailer (2.3.5)
      actionpack (= 2.3.5)
    actionpack (2.3.5)
      activesupport (= 2.3.5)
      rack (~> 1.0.0)
    activerecord (2.3.5)
      activesupport (= 2.3.5)
    activeresource (2.3.5)
      activesupport (= 2.3.5)
    activesupport (2.3.5)
    bcrypt-ruby (3.0.1)
    capistrano (2.5.20)
      highline
      highline
      net-scp
      net-scp (>= 1.0.0)
      net-sftp
      net-sftp (>= 2.0.0)
      net-ssh
      net-ssh (>= 2.0.14)
      net-ssh-gateway
      net-ssh-gateway (>= 1.0.0)
    cgi_multipart_eof_fix (2.5.0)
    daemons (1.1.0)
    exceptional (2.0.32)
      rack
    faraday (0.8.4)
      multipart-post (~> 1.1)
    fastthread (1.0.7)
    formtastic (1.1.0)
      actionpack (>= 2.3.0)
      activesupport (>= 2.3.0)
      i18n (>= 0.4.0)
    gem_plugin (0.2.3)
    hashie (1.2.0)
    highline (1.6.1)
    httpauth (0.1)
    i18n (0.4.2)
    json (1.6.3)
    mongrel (1.1.5)
      cgi_multipart_eof_fix (>= 2.4)
      daemons (>= 1.0.3)
      fastthread (>= 1.0.1)
      gem_plugin (>= 0.2.3)
    mongrel_cluster (1.0.5)
      gem_plugin (>= 0.2.3)
      mongrel (>= 1.0.2)
    multi_json (1.3.6)
    multipart-post (1.1.5)
    mysql (2.8.1)
    net-scp (1.0.2)
      net-ssh (>= 1.99.1)
    net-sftp (2.0.4)
      net-ssh (>= 2.0.9)
    net-ssh (2.0.23)
    net-ssh-gateway (1.0.1)
      net-ssh (>= 1.99.1)
    nokogiri (1.4.4)
    oauth (0.4.6)
    oauth2 (0.6.1)
      faraday (~> 0.7)
      httpauth (~> 0.1)
      multi_json (~> 1.3)
    omniauth (1.1.0)
      hashie (~> 1.2)
      rack
    omniauth-facebook (1.4.0)
      omniauth-oauth2 (~> 1.0.2)
    omniauth-google-oauth2 (0.1.13)
      omniauth (~> 1.0)
      omniauth-oauth2
    omniauth-identity (1.1.0)
      bcrypt-ruby (~> 3.0)
      omniauth (~> 1.0)
    omniauth-oauth (1.0.1)
      oauth
      omniauth (~> 1.0)
    omniauth-oauth2 (1.0.2)
      oauth2 (~> 0.6.0)
      omniauth (~> 1.0)
    omniauth-shibboleth (1.0.6)
      omniauth (>= 1.0.0)
    omniauth-twitter (0.0.12)
      multi_json (~> 1.3)
      omniauth-oauth (~> 1.0)
    rack (1.0.1)
    rails (2.3.5)
      actionmailer (= 2.3.5)
      actionpack (= 2.3.5)
      activerecord (= 2.3.5)
      activeresource (= 2.3.5)
      activesupport (= 2.3.5)
      rake (>= 0.8.3)
    rake (0.9.2)
    rdoc (3.12)
      json (~> 1.4)
    sqlite3 (1.3.3)
    sqlite3-ruby (1.3.3)
      sqlite3 (>= 1.3.3)
    will_paginate (2.3.15)

PLATFORMS
  ruby

DEPENDENCIES
  RedCloth
  bcrypt-ruby (~> 3.0.0)
  capistrano
  exceptional
  formtastic (~> 1.1.0)
  i18n (= 0.4.2)
  json
  mongrel
  mongrel_cluster
  mysql
  nokogiri
  omniauth-facebook
  omniauth-google-oauth2
  omniauth-identity
  omniauth-shibboleth
  omniauth-twitter
  rails (= 2.3.5)
  rdoc
  sqlite3-ruby
  will_paginate (~> 2.3.11)
