GEM
  remote: https://rubygems.org/
  specs:
    RedCloth (4.2.9)
    actionmailer (2.3.18)
      actionpack (= 2.3.18)
    actionpack (2.3.18)
      activesupport (= 2.3.18)
      rack (~> 1.1.0)
    activerecord (2.3.18)
      activesupport (= 2.3.18)
    activeresource (2.3.18)
      activesupport (= 2.3.18)
    activesupport (2.3.18)
    acts_as_xlsx (1.0.6)
      activerecord (>= 2.3.9)
      axlsx (>= 1.0.13)
      i18n (>= 0.4.1)
    addressable (2.3.4)
    aes (0.5.0)
    aws (2.9.1)
      http_connection
      uuidtools
      xml-simple
    axlsx (1.3.6)
      htmlentities (~> 4.3.1)
      nokogiri (>= 1.4.1)
      rubyzip (>= 0.9.5)
    bcrypt-ruby (3.0.1)
    capistrano (2.15.4)
      highline
      net-scp (>= 1.0.0)
      net-sftp (>= 2.0.0)
      net-ssh (>= 2.0.14)
      net-ssh-gateway (>= 1.1.0)
    carrierwave (0.4.10)
    country_select (1.1.3)
    css_parser (1.3.4)
      addressable
    exceptional (2.0.33)
      rack
    excon (0.27.6)
    ey_config (0.0.6)
    faraday (0.8.7)
      multipart-post (~> 1.1)
    fastercsv (1.5.5)
    formtastic (1.1.0)
      actionpack (>= 2.3.0)
      activesupport (>= 2.3.0)
      i18n (>= 0.4.0)
    geocoder (1.1.8)
    hashie (2.0.5)
    highline (1.6.19)
    htmlentities (4.3.1)
    http_connection (1.4.4)
    httpauth (0.2.0)
    i18n (0.4.2)
    json (1.8.1)
    mail_style (0.1.6)
      actionmailer (>= 1.2.3)
      css_parser (>= 1.0.0)
      nokogiri (>= 1.0.0)
    mandrill-api (1.0.49)
      excon (>= 0.16.0, < 1.0)
      json (>= 1.7.7, < 2.0)
    mime-types (1.25)
    mini_magick (3.5.0)
      subexec (~> 0.2.1)
    multi_json (1.7.3)
    multipart-post (1.2.0)
    mysql2 (0.2.18)
    net-scp (1.1.1)
      net-ssh (>= 2.6.5)
    net-sftp (2.1.2)
      net-ssh (>= 2.6.5)
    net-ssh (2.6.7)
    net-ssh-gateway (1.2.0)
      net-ssh (>= 2.6.5)
    newrelic_rpm (3.6.5.130)
    nokogiri (1.5.9)
    oauth (0.4.7)
    oauth2 (0.6.1)
      faraday (~> 0.7)
      httpauth (~> 0.1)
      multi_json (~> 1.3)
    omniauth (1.1.4)
      hashie (>= 1.2, < 3)
      rack
    omniauth-facebook (1.4.0)
      omniauth-oauth2 (~> 1.0.2)
    omniauth-google-oauth2 (0.2.1)
      omniauth (~> 1.0)
      omniauth-oauth2
    omniauth-identity (1.1.1)
      bcrypt-ruby (~> 3.0)
      omniauth (~> 1.0)
    omniauth-linkedin (0.1.0)
      omniauth-oauth (~> 1.0)
    omniauth-oauth (1.0.1)
      oauth
      omniauth (~> 1.0)
    omniauth-oauth2 (1.0.2)
      oauth2 (~> 0.6.0)
      omniauth (~> 1.0)
    omniauth-shibboleth (1.0.8)
      omniauth (>= 1.0.0)
    omniauth-twitter (1.0.1)
      multi_json (~> 1.3)
      omniauth-oauth (~> 1.0)
    omniauth-windowslive (0.0.8.1)
      multi_json (>= 1.0.3)
      omniauth-oauth2 (~> 1.0)
    rack (1.1.6)
    rails (2.3.18)
      actionmailer (= 2.3.18)
      actionpack (= 2.3.18)
      activerecord (= 2.3.18)
      activeresource (= 2.3.18)
      activesupport (= 2.3.18)
      rake (>= 0.8.3)
    rake (10.0.4)
    rdoc (4.0.1)
      json (~> 1.4)
    rubyzip (0.9.9)
    sqlite3 (1.3.7)
    subexec (0.2.3)
    system_timer (1.2.4)
    uuidtools (2.1.4)
    will_paginate (2.3.16)
    xml-simple (1.1.3)

PLATFORMS
  ruby

DEPENDENCIES
  RedCloth
  acts_as_xlsx (~> 1.0.6)
  aes
  aws
  axlsx (~> 1.3.6)
  bcrypt-ruby (~> 3.0.0)
  capistrano
  carrierwave (~> 0.4)
  country_select
  exceptional
  ey_config
  fastercsv
  formtastic (~> 1.1.0)
  geocoder
  i18n (= 0.4.2)
  json
  mail_style
  mandrill-api
  mime-types (= 1.25)
  mini_magick
  mysql2 (< 0.3)
  newrelic_rpm
  nokogiri
  omniauth-facebook (= 1.4.0)
  omniauth-google-oauth2
  omniauth-identity
  omniauth-linkedin
  omniauth-shibboleth
  omniauth-twitter
  omniauth-windowslive
  rails (= 2.3.18)
  rdoc
  rubyzip (~> 0.9.9)
  sqlite3
  system_timer (= 1.2.4)
  will_paginate (~> 2.3.11)
